NRRD0001
type: int
dimension: 3
sizes: 257 257 257
spacings: 1 1 1
endian: little
encoding: gzip
data file: ./weld.raw.gz
